PATH
  remote: .
  specs:
    top_trending (0.1.0)
      redis (~> 4.0)

GEM
  remote: https://rubygems.org/
  specs:
    minitest (5.14.4)
    rake (12.3.3)
    redis (4.2.5)

PLATFORMS
  ruby

DEPENDENCIES
  minitest (~> 5.0)
  rake (~> 12.0)
  top_trending!

BUNDLED WITH
   2.1.4
