PATH
  remote: .
  specs:
    top_trending (0.1.0)
      redis (~> 4.0)

GEM
  remote: https://rubygems.org/
  specs:
    awesome_print (1.9.2)
    coderay (1.1.3)
    method_source (1.0.0)
    minitest (5.14.4)
    pry (0.14.1)
      coderay (~> 1.1)
      method_source (~> 1.0)
    rake (12.3.3)
    redis (4.2.5)
    timecop (0.9.4)

PLATFORMS
  ruby

DEPENDENCIES
  awesome_print
  minitest (~> 5.0)
  pry
  rake (~> 12.0)
  timecop
  top_trending!

BUNDLED WITH
   2.1.4
